PATH
  remote: .
  specs:
    prog-channels (0.2.0)
      airrecord (~> 1.0.1)
      dotenv
      pay_dirt
      rake (~> 10.0)
      slack-ruby-client (~> 0.13.1)

GEM
  remote: https://rubygems.org/
  specs:
    activesupport (5.2.2)
      concurrent-ruby (~> 1.0, >= 1.0.2)
      i18n (>= 0.7, < 2)
      minitest (~> 5.1)
      tzinfo (~> 1.1)
    airrecord (1.0.1)
      faraday (~> 0.10)
      net-http-persistent (~> 2.9)
    concurrent-ruby (1.1.3)
    dotenv (2.5.0)
    faraday (0.15.4)
      multipart-post (>= 1.2, < 3)
    faraday_middleware (0.12.2)
      faraday (>= 0.7.4, < 1.0)
    gli (2.18.0)
    hashie (3.6.0)
    i18n (1.2.0)
      concurrent-ruby (~> 1.0)
    minitest (5.11.3)
    multipart-post (2.0.0)
    net-http-persistent (2.9.4)
    pay_dirt (1.1.0)
    rack (2.0.6)
    rake (10.5.0)
    slack-ruby-client (0.13.1)
      activesupport
      faraday (>= 0.9)
      faraday_middleware
      gli
      hashie
      websocket-driver
    thread_safe (0.3.6)
    tzinfo (1.2.5)
      thread_safe (~> 0.1)
    websocket-driver (0.7.0)
      websocket-extensions (>= 0.1.0)
    websocket-extensions (0.1.3)

PLATFORMS
  ruby

DEPENDENCIES
  bundler (~> 1.14)
  minitest (~> 5.11.3)
  prog-channels!
  rack (~> 2.0.6)

BUNDLED WITH
   1.16.1
